GEM
  remote: https://rubygems.org/
  specs:
    backports (3.6.0)
    dropbox-sdk (1.6.4)
      json
    json (1.7.7)
    multi_json (1.9.2)
    pg (0.17.1-x86-mingw32)
    rack (1.5.2)
    rack-protection (1.5.3)
      rack
    rack-test (0.6.2)
      rack (>= 1.0)
    sequel (4.9.0)
    sinatra (1.4.5)
      rack (~> 1.4)
      rack-protection (~> 1.4)
      tilt (~> 1.3, >= 1.3.4)
    sinatra-contrib (1.4.2)
      backports (>= 2.0)
      multi_json
      rack-protection
      rack-test
      sinatra (~> 1.4.0)
      tilt (~> 1.3)
    sinatra-sequel (0.9.0)
      sequel (>= 3.2.0)
      sinatra (>= 0.9.4)
    sqlite3 (1.3.9-x86-mingw32)
    tilt (1.4.1)

PLATFORMS
  x86-mingw32

DEPENDENCIES
  erb
  sinatra
  sinatra-contrib
  yelp
